GIT
  remote: git://git.extendhealth.com/build-support/main.git
  revision: 2445443a72cfff8dd3319501771c7a0d2372fd14
  branch: jasmine
  specs:
    EHBuild (0.0.1)
      albacore
      compass (= 0.10.6)
      rake (= 0.9.2)
      win32-process
      yui-compressor (= 0.9.4)

GEM
  remote: http://rubygems.org/
  specs:
    albacore (0.2.7)
      rubyzip (~> 0.9)
    compass (0.10.6)
      haml (>= 3.0.4)
    haml (3.1.3)
    rake (0.9.2)
    rubyzip (0.9.4)
    win32-api (1.4.8-x86-mingw32)
    win32-process (0.6.5)
      windows-pr (>= 1.1.2)
    windows-api (0.4.0)
      win32-api (>= 1.4.5)
    windows-pr (1.2.1)
      win32-api (>= 1.4.5)
      windows-api (>= 0.3.0)
    yui-compressor (0.9.4)

PLATFORMS
  x86-mingw32

DEPENDENCIES
  EHBuild!
  albacore
  rake (= 0.9.2)
